PATH
  remote: .
  specs:
    nom (1.0)
      json_pure

GEM
  remote: http://rubygems.org/
  specs:
    diff-lcs (1.1.2)
    json_pure (1.4.6)
    rr (1.0.2)
    rspec (2.1.0)
      rspec-core (~> 2.1.0)
      rspec-expectations (~> 2.1.0)
      rspec-mocks (~> 2.1.0)
    rspec-core (2.1.0)
    rspec-expectations (2.1.0)
      diff-lcs (~> 1.1.2)
    rspec-mocks (2.1.0)

PLATFORMS
  ruby

DEPENDENCIES
  json_pure
  nom!
  rr
  rspec (~> 2.1.0)
